GEM
  remote: http://rubygems.org/
  specs:
    activemodel (3.2.13)
      activesupport (= 3.2.13)
      builder (~> 3.0.0)
    activesupport (3.2.13)
      i18n (= 0.6.1)
      multi_json (~> 1.0)
    bson (1.9.0)
    bson_ext (1.9.0)
      bson (~> 1.9.0)
    builder (3.0.4)
    haml (4.0.3)
      tilt
    i18n (0.6.1)
    json (1.7.7)
    metaclass (0.0.1)
    minitest (5.0.1)
    mocha (0.14.0)
      metaclass (~> 0.0.1)
    mongoid (3.1.2)
      activemodel (~> 3.2)
      moped (~> 1.4.2)
      origin (~> 1.0)
      tzinfo (~> 0.3.22)
    moped (1.4.5)
    multi_json (1.7.7)
    oauth (0.4.7)
    origin (1.0.11)
    rack (1.5.2)
    rack-protection (1.5.0)
      rack
    rake (10.0.4)
    simplecov (0.7.1)
      multi_json (~> 1.0)
      simplecov-html (~> 0.7.1)
    simplecov-html (0.7.1)
    sinatra (1.4.3)
      rack (~> 1.4)
      rack-protection (~> 1.4)
      tilt (~> 1.3, >= 1.3.4)
    tilt (1.4.1)
    tzinfo (0.3.37)

PLATFORMS
  ruby

DEPENDENCIES
  bson
  bson_ext
  haml
  json
  minitest
  mocha
  mongoid
  oauth
  rake
  simplecov (= 0.7.1)
  sinatra
