GEM
  remote: http://rubygems.org/
  specs:
    json (1.7.7)
    mime-types (1.21)
    oauth (0.4.7)
    rack (1.5.2)
    rack-protection (1.5.0)
      rack
    rake (10.0.4)
    rest-client (1.6.7)
      mime-types (>= 1.16)
    sinatra (1.4.2)
      rack (~> 1.5, >= 1.5.2)
      rack-protection (~> 1.4)
      tilt (~> 1.3, >= 1.3.4)
    tilt (1.3.6)

PLATFORMS
  ruby

DEPENDENCIES
  json
  oauth
  rake
  rest-client
  sinatra
